GEM
  remote: https://rubygems.org/
  specs:
    jekyll-analytics (0.1.11)

PLATFORMS
  ruby

DEPENDENCIES
  jekyll-analytics

BUNDLED WITH
   1.16.0
